GEM
  remote: https://rubygems.org/
  specs:
    activemodel (6.0.3.2)
      activesupport (= 6.0.3.2)
    activerecord (6.0.3.2)
      activemodel (= 6.0.3.2)
      activesupport (= 6.0.3.2)
    activesupport (6.0.3.2)
      concurrent-ruby (~> 1.0, >= 1.0.2)
      i18n (>= 0.7, < 2)
      minitest (~> 5.1)
      tzinfo (~> 1.1)
      zeitwerk (~> 2.2, >= 2.2.2)
    addressable (2.7.0)
      public_suffix (>= 2.0.2, < 5.0)
    byebug (11.1.3)
    concurrent-ruby (1.1.6)
    content_disposition (1.0.0)
    down (5.1.1)
      addressable (~> 2.5)
    ffi (1.13.1)
    i18n (1.8.3)
      concurrent-ruby (~> 1.0)
    image_processing (1.11.0)
      mini_magick (>= 4.9.5, < 5)
      ruby-vips (>= 2.0.17, < 3)
    mini_magick (4.10.1)
    minitest (5.14.1)
    public_suffix (4.0.5)
    ruby-vips (2.0.17)
      ffi (~> 1.9)
    sequel (5.33.0)
    shrine (3.4.0)
      content_disposition (~> 1.0)
      down (~> 5.1)
    sqlite3 (1.4.2)
    thread_safe (0.3.6)
    tzinfo (1.2.7)
      thread_safe (~> 0.1)
    zeitwerk (2.3.0)

PLATFORMS
  ruby

DEPENDENCIES
  activerecord!
  byebug!
  down!
  image_processing!
  minitest (~> 5.1)!
  sequel!
  shrine (~> 3.4.0)!
  sqlite3!

BUNDLED WITH
   2.1.4
